GIT
  remote: git://github.com/arunagw/omniauth-twitter.git
  revision: 3311bb63efab5648c402cfa4cc974e09c737f30d
  specs:
    omniauth-twitter (0.0.13)
      multi_json (~> 1.3)
      omniauth-oauth (~> 1.0)

GIT
  remote: git://github.com/fog/fog.git
  revision: 77c89997ff13d8fe33780138492152b359b433ae
  specs:
    fog (1.6.0)
      builder
      excon (~> 0.14)
      formatador (~> 0.2.0)
      mime-types
      multi_json (~> 1.0)
      net-scp (~> 1.0.4)
      net-ssh (>= 2.1.3)
      nokogiri (~> 1.5.0)
      ruby-hmac

GIT
  remote: git://github.com/intridea/omniauth.git
  revision: cfd41522ec85127f14d30be442246e2a82425bd5
  specs:
    omniauth (1.1.1)
      hashie (~> 1.2)
      rack

GIT
  remote: git://github.com/mkdynamic/omniauth-facebook.git
  revision: 6f4300b3f8bb6ac1618a33a8fc770f17eb79907d
  specs:
    omniauth-facebook (1.4.1)
      omniauth-oauth2 (~> 1.1)

GIT
  remote: git://github.com/nov/fb_graph.git
  revision: 4737a51acd510f51d835e4d28c759fea0c1c648a
  specs:
    fb_graph (2.5.1)
      httpclient (>= 2.2.0.2)
      json
      rack-oauth2 (>= 0.14.4)
      tzinfo

GIT
  remote: git://github.com/petergoldstein/doorkeeper.git
  revision: 4997f70d80d4f7ec8cc73774af8a8bc997dfaa50
  branch: hotfix/fix_require_issue_in_application_owner
  specs:
    doorkeeper (0.5.0.dev)
      railties (~> 3.1)

GIT
  remote: git://github.com/probablycorey/mini_magick.git
  revision: b10c8288a7175488765c40fd1ea7afc7b14adaf3
  specs:
    mini_magick (3.4)
      subexec (~> 0.2.1)

GIT
  remote: git://github.com/ryanb/cancan.git
  revision: b4285ae43c7c048a26e2c5918bdfc2570d848b67
  specs:
    cancan (1.6.8)

GIT
  remote: git://github.com/sferik/twitter.git
  revision: 57ef1171398daaf9620f0c2cb8a411143a35f859
  specs:
    twitter (4.0.0)
      faraday (~> 0.8)
      multi_json (~> 1.3)
      simple_oauth (~> 0.1.6)

GIT
  remote: http://github.com/plataformatec/devise.git
  revision: 50338b34f90973bc551a4cad561e8f59bffb118c
  specs:
    devise (2.1.2)
      bcrypt-ruby (~> 3.0)
      orm_adapter (~> 0.1)
      railties (~> 3.1)
      warden (~> 1.2.1)

GIT
  remote: https://github.com/vmg/redcarpet
  revision: 29c333cff7d72d3c645c7283725f4529c2468764
  specs:
    redcarpet (2.1.1)

GEM
  remote: https://rubygems.org/
  specs:
    actionmailer (3.2.8.rc2)
      actionpack (= 3.2.8.rc2)
      mail (~> 2.4.4)
    actionpack (3.2.8.rc2)
      activemodel (= 3.2.8.rc2)
      activesupport (= 3.2.8.rc2)
      builder (~> 3.0.0)
      erubis (~> 2.7.0)
      journey (~> 1.0.4)
      rack (~> 1.4.0)
      rack-cache (~> 1.2)
      rack-test (~> 0.6.1)
      sprockets (~> 2.1.3)
    activeasync (0.0.3)
      activesupport (~> 3.0)
      resque (~> 1.10)
    activemodel (3.2.8.rc2)
      activesupport (= 3.2.8.rc2)
      builder (~> 3.0.0)
    activerecord (3.2.8.rc2)
      activemodel (= 3.2.8.rc2)
      activesupport (= 3.2.8.rc2)
      arel (~> 3.0.2)
      tzinfo (~> 0.3.29)
    activeresource (3.2.8.rc2)
      activemodel (= 3.2.8.rc2)
      activesupport (= 3.2.8.rc2)
    activesupport (3.2.8.rc2)
      i18n (~> 0.6)
      multi_json (~> 1.0)
    addressable (2.3.2)
    airbrake (3.1.4)
      builder
      girl_friday
    arel (3.0.2)
    attr_required (0.0.5)
    bcrypt-ruby (3.0.1)
    bourbon (2.1.1)
      sass (>= 3.1)
    builder (3.0.3)
    carrierwave (0.6.2)
      activemodel (>= 3.2.0)
      activesupport (>= 3.2.0)
    coffee-rails (3.2.2)
      coffee-script (>= 2.2.0)
      railties (~> 3.2.0)
    coffee-script (2.2.0)
      coffee-script-source
      execjs
    coffee-script-source (1.3.3)
    connection_pool (0.9.2)
    css_parser (1.2.6)
      addressable
      rdoc
    erubis (2.7.0)
    excon (0.16.4)
    execjs (1.4.0)
      multi_json (~> 1.0)
    faraday (0.8.4)
      multipart-post (~> 1.1)
    formatador (0.2.3)
    girl_friday (0.10.0)
      connection_pool (~> 0.9.0)
    hashie (1.2.0)
    heroku (2.13.0)
      launchy (>= 0.3.2)
      rest-client (~> 1.6.1)
      rubyzip
      term-ansicolor (~> 1.0.5)
    hike (1.2.1)
    htmlentities (4.3.1)
    httpauth (0.2.0)
    httpclient (2.2.7)
    i18n (0.6.1)
    journey (1.0.4)
    jquery-rails (2.1.3)
      railties (>= 3.1.0, < 5.0)
      thor (~> 0.14)
    jruby-pageant (1.1.1)
    json (1.7.5)
    jwt (0.1.5)
      multi_json (>= 1.0)
    kaminari (0.14.1)
      actionpack (>= 3.0.0)
      activesupport (>= 3.0.0)
    kgio (2.7.4)
    launchy (2.1.2)
      addressable (~> 2.3)
    mail (2.4.4)
      i18n (>= 0.4.0)
      mime-types (~> 1.16)
      treetop (~> 1.4.8)
    mime-types (1.19)
    multi_json (1.3.6)
    multipart-post (1.1.5)
    mysql2 (0.3.11)
    net-scp (1.0.4)
      net-ssh (>= 1.99.1)
    net-ssh (2.6.0)
      jruby-pageant (>= 1.1.1)
    nokogiri (1.5.5)
    oauth (0.4.7)
    oauth2 (0.8.0)
      faraday (~> 0.8)
      httpauth (~> 0.1)
      jwt (~> 0.1.4)
      multi_json (~> 1.0)
      rack (~> 1.2)
    omniauth-foursquare (0.0.8)
      omniauth (~> 1.0)
      omniauth-oauth2 (~> 1.0)
    omniauth-oauth (1.0.1)
      oauth
      omniauth (~> 1.0)
    omniauth-oauth2 (1.1.1)
      oauth2 (~> 0.8.0)
      omniauth (~> 1.0)
    orm_adapter (0.4.0)
    pg (0.11.0)
    polyglot (0.3.3)
    postmark (0.9.12)
      json
      rake
    postmark-rails (0.4.1)
      actionmailer
      postmark (>= 0.9.0)
      rake
    premailer (1.7.3)
      css_parser (>= 1.1.9)
      htmlentities (>= 4.0.0)
    premailer-rails3 (1.3.1)
      premailer (~> 1.7)
      rails (~> 3)
    rabl (0.7.2)
      activesupport (>= 2.3.14)
      multi_json (~> 1.0)
    rack (1.4.1)
    rack-cache (1.2)
      rack (>= 0.4)
    rack-oauth2 (0.14.9)
      activesupport (>= 2.3)
      attr_required (>= 0.0.5)
      httpclient (>= 2.2.0.2)
      i18n
      multi_json (>= 1.3.6)
      rack (>= 1.1)
    rack-protection (1.2.0)
      rack
    rack-ssl (1.3.2)
      rack
    rack-test (0.6.2)
      rack (>= 1.0)
    rails (3.2.8.rc2)
      actionmailer (= 3.2.8.rc2)
      actionpack (= 3.2.8.rc2)
      activerecord (= 3.2.8.rc2)
      activeresource (= 3.2.8.rc2)
      activesupport (= 3.2.8.rc2)
      bundler (~> 1.0)
      railties (= 3.2.8.rc2)
    railties (3.2.8.rc2)
      actionpack (= 3.2.8.rc2)
      activesupport (= 3.2.8.rc2)
      rack-ssl (~> 1.3.2)
      rake (>= 0.8.7)
      rdoc (~> 3.4)
      thor (>= 0.14.6, < 2.0)
    raindrops (0.10.0)
    rake (0.9.2.2)
    rdoc (3.12)
      json (~> 1.4)
    redis (3.0.1)
    redis-namespace (1.2.1)
      redis (~> 3.0.0)
    resque (1.23.0)
      multi_json (~> 1.0)
      redis-namespace (~> 1.0)
      sinatra (>= 0.9.2)
      vegas (~> 0.1.2)
    rest-client (1.6.7)
      mime-types (>= 1.16)
    ruby-hmac (0.4.0)
    rubyzip (0.9.9)
    sass (3.2.1)
    sass-rails (3.2.5)
      railties (~> 3.2.0)
      sass (>= 3.1.10)
      tilt (~> 1.3)
    simple_form (2.0.3)
      actionpack (~> 3.0)
      activemodel (~> 3.0)
    simple_oauth (0.1.9)
    sinatra (1.3.3)
      rack (~> 1.3, >= 1.3.6)
      rack-protection (~> 1.2)
      tilt (~> 1.3, >= 1.3.3)
    sprockets (2.1.3)
      hike (~> 1.2)
      rack (~> 1.0)
      tilt (~> 1.1, != 1.3.0)
    subexec (0.2.2)
    term-ansicolor (1.0.5)
    thor (0.16.0)
    tilt (1.3.3)
    treetop (1.4.10)
      polyglot
      polyglot (>= 0.3.1)
    tzinfo (0.3.33)
    uglifier (1.3.0)
      execjs (>= 0.3.0)
      multi_json (~> 1.0, >= 1.0.2)
    unicorn (4.3.1)
      kgio (~> 2.6)
      rack
      raindrops (~> 0.7)
    vegas (0.1.11)
      rack (>= 1.0.0)
    warden (1.2.1)
      rack (>= 1.0)
    yajl-ruby (1.1.0)

PLATFORMS
  ruby

DEPENDENCIES
  activeasync (~> 0.0.3)
  airbrake
  bourbon
  cancan!
  carrierwave
  coffee-rails (~> 3.2.1)
  devise!
  doorkeeper!
  fb_graph!
  fog!
  heroku
  jquery-rails
  json
  kaminari
  mini_magick!
  mysql2
  omniauth!
  omniauth-facebook!
  omniauth-foursquare (~> 0.0.4)
  omniauth-twitter!
  pg
  postmark-rails
  premailer-rails3
  rabl
  rails (= 3.2.8.rc2)
  redcarpet!
  sass-rails (~> 3.2.3)
  simple_form
  twitter!
  uglifier (>= 1.0.3)
  unicorn
  yajl-ruby
